PATH
  remote: .
  specs:
    circuitdata (0.5.0)
      json-schema (~> 2.8)

GEM
  remote: https://rubygems.org/
  specs:
    addressable (2.5.2)
      public_suffix (>= 2.0.2, < 4.0)
    json-schema (2.8.0)
      addressable (>= 2.4)
    public_suffix (3.0.0)

PLATFORMS
  ruby

DEPENDENCIES
  circuitdata!

BUNDLED WITH
   1.15.0
