PATH
  remote: .
  specs:
    circuitdata (0.6.1)
      json-schema (~> 2.8)

GEM
  remote: https://rubygems.org/
  specs:
    activesupport (4.2.10)
      i18n (~> 0.7)
      minitest (~> 5.1)
      thread_safe (~> 0.3, >= 0.3.4)
      tzinfo (~> 1.1)
    addressable (2.5.2)
      public_suffix (>= 2.0.2, < 4.0)
    i18n (0.8.6)
    json-schema (2.8.0)
      addressable (>= 2.4)
    minitest (5.10.3)
    public_suffix (3.0.0)
    rake (12.1.0)
    thread_safe (0.3.6)
    tzinfo (1.2.3)
      thread_safe (~> 0.1)

PLATFORMS
  ruby

DEPENDENCIES
  activesupport (~> 4.2)
  circuitdata!
  minitest (~> 5.10)
  rake (~> 12.1)

BUNDLED WITH
   1.15.4
